PATH
  remote: .
  specs:
    codeminer (0.1.1)

GEM
  remote: https://rubygems.org/
  specs:
    test-unit (2.5.5)

PLATFORMS
  ruby

DEPENDENCIES
  codeminer!
  test-unit (= 2.5.5)
