PATH
  remote: .
  specs:
    codeminer (0.1.1)

GEM
  remote: https://rubygems.org/
  specs:
    rake (10.1.0)
    test-unit (2.5.5)

PLATFORMS
  ruby

DEPENDENCIES
  codeminer!
  rake (~> 10.1)
  test-unit (= 2.5.5)
